##TITLE=Parameter List, ParaVision 6.0.1
##JCAMPDX=4.24
##DATATYPE=Parameter Values
##ORIGIN=Bruker BioSpin MRI GmbH
##OWNER=PagelLab
$$ 2023-07-14 08:47:51.214 -0500  PagelLab@CZC4170WSK
$$ /opt/PV6.0.1/data/PagelLab/lucas_1_2_20230714_081159/28/acqp
$$ process /opt/PV6.0.1/prog/bin/parxserver
##$PULPROG=( 32 )
<cestFISP_Pagel5.ppg>
##$GRDPROG=( 16 )
<>
##$ACQ_experiment_mode=SingleExperiment
##$ACQ_PexSelect=0
##$ACQ_load_shim_set_list=No
##$ACQ_user_filter=No
$$ @vis= PULPROG GRDPROG ACQ_experiment_mode ACQ_load_shim_set_list
##$ACQ_DS_enabled=Yes
##$ACQ_switch_pll_enabled=No
##$ACQ_preload=0
##$ACQ_branch_preload=( 10, 2 )
1000000 1000000 1000000 1000000 1000000 1000000 1000000 1000000 1000000 
1000000 1000000 1000000 1000000 1000000 1000000 1000000 1000000 1000000 500 
500
$$ @vis= ACQ_user_filter ACQ_DS_enabled ACQ_switch_pll_enabled ACQ_preload
##$ACQ_jobs_size=0
##$ACQ_jobs=( 1 )
(0, 1, 0, 1, 64, 100, 0, 0)
##$ACQ_dim=2
##$ACQ_dim_desc=( 2 )
Spatial Spatial
##$ACQ_size=( 2 )
128 64
##$ACQ_ns_list_size=1
$$ @vis= ACQ_branch_preload ACQ_jobs_size ACQ_dim ACQ_dim_desc ACQ_size
##$ACQ_ns=1
##$ACQ_ns_list=( 1 )
1
##$ACQ_phase_factor=64
##$ACQ_scan_size=One_scan
##$NI=1
$$ @vis= ACQ_ns_list_size ACQ_ns ACQ_ns_list ACQ_phase_factor ACQ_scan_size
##$NA=1
##$NAE=1
##$NR=36
##$DS=0
##$D=( 64 )
1e-06 0.00055 0 1e-06 0.00023 2 1.02313990613112e-17 0.001 2.5e-05 0.00066 
0.000345 0.00046 0 0 0 0 0 0 0 0 2e-05 2e-05 0 0 0 0 0 0 0 0 0 0 0 0 0 0 0 0 
0 0 0 0 0 0 0 0 0 0 0 0 0 0 0 0 0 0 0 0 0 0 0 0 0 0
##$P=( 64 )
1050 1050 0 1050 4842.37404559395 1050 1050 0 0 0 0 0 0 0 0 0 0 0 0 0 0 0 0 0 
0 0 0 0 0 0 0 0 0 0 0 0 0 0 0 0 0 0 0 0 0 0 0 0 0 0 0 0 0 0 0 0 0 0 0 0 0 0 0 
0
##$PLW=( 64 )
0 0 0 0 0 0 0 0 0 0 0 0 0 0 0 0 0 0 0 0 0 0 0 0 0 0 0 0 0 0 0 0 0 0 0 0 0 0 0 
0 0 0 0 0 0 0 0 0 0 0 0 0 0 0 0 0 0 0 0 0 0 0 0 0
##$DPQQ=( 16 )
(<>, 0, 0) (<>, 0, 0) (<>, 0, 0) (<>, 0, 0) (<>, 0, 0) (<>, 0, 0) (<>, 0, 0) 
(<>, 0, 0) (<>, 0, 0) (<>, 0, 0) (<>, 0, 0) (<>, 0, 0) (<>, 0, 0) (<>, 0, 0) 
(<>, 0, 0) (<>, 0, 0)
##$SPPEX=( 64 )
0 0 0 0 0 0 0 0 0 0 0 0 0 0 0 0 0 0 0 0 0 0 0 0 0 0 0 0 0 0 0 0 0 0 0 0 0 0 0 
0 0 0 0 0 0 0 0 0 0 0 0 0 0 0 0 0 0 0 0 0 0 0 0 0
##$ACQ_RfShapes=( 64 )
(<$ExcPulse1Shape>, 0.0290665440928535, 0, 0.5, 0, 100 100 100 100 100 100 
100 100, 0 0 0 0 0 0 0 0) (<$ExcPulse1Shape>, 0.0290665440928535, 0, 0.5, 0, 
100 100 100 100 100 100 100 100, 0 0 0 0 0 0 0 0) (<>, 0, 0, 0.5, 0, 0 0 0 0 
0 0 0 0, 0 0 0 0 0 0 0 0) (<$ExcPulse1Shape>, 0.00726663602321337, 0, 0.5, 0, 
100 100 100 100 100 100 100 100, 0 0 0 0 0 0 0 0) (<$InvPulse1Shape>, 
23.7226329757195, 0, 0, 0, 100 100 100 100 100 100 100 100, 0 0 0 0 0 0 0 0) 
(<$ExcPulse1Shape>, 0, 0, 0.5, 0, 100 100 100 100 100 100 100 100, 0 0 0 0 0 
0 0 0) (<$ExcPulse1Shape>, 0, 0, 0.5, 0, 100 100 100 100 100 100 100 100, 0 0 
0 0 0 0 0 0) (<>, 0, 0, 0.5, 0, 0 0 0 0 0 0 0 0, 0 0 0 0 0 0 0 0) (<>, 0, 0, 
0.5, 0, 0 0 0 0 0 0 0 0, 0 0 0 0 0 0 0 0) (<>, 0, 0, 0.5, 0, 0 0 0 0 0 0 0 0, 
0 0 0 0 0 0 0 0) (<>, 0, 0, 0.5, 0, 0 0 0 0 0 0 0 0, 0 0 0 0 0 0 0 0) (<>, 0, 
0, 0.5, 0, 0 0 0 0 0 0 0 0, 0 0 0 0 0 0 0 0) (<>, 0, 0, 0.5, 0, 0 0 0 0 0 0 0 
0, 0 0 0 0 0 0 0 0) (<>, 0, 0, 0.5, 0, 0 0 0 0 0 0 0 0, 0 0 0 0 0 0 0 0) (<>, 
0, 0, 0.5, 0, 0 0 0 0 0 0 0 0, 0 0 0 0 0 0 0 0) (<>, 0, 0, 0.5, 0, 0 0 0 0 0 
0 0 0, 0 0 0 0 0 0 0 0) (<>, 0, 0, 0.5, 0, 0 0 0 0 0 0 0 0, 0 0 0 0 0 0 0 0) 
(<>, 0, 0, 0.5, 0, 0 0 0 0 0 0 0 0, 0 0 0 0 0 0 0 0) (<>, 0, 0, 0.5, 0, 0 0 0 
0 0 0 0 0, 0 0 0 0 0 0 0 0) (<>, 0, 0, 0.5, 0, 0 0 0 0 0 0 0 0, 0 0 0 0 0 0 0 
0) (<>, 0, 0, 0.5, 0, 0 0 0 0 0 0 0 0, 0 0 0 0 0 0 0 0) (<>, 0, 0, 0.5, 0, 0 
0 0 0 0 0 0 0, 0 0 0 0 0 0 0 0) (<>, 0, 0, 0.5, 0, 0 0 0 0 0 0 0 0, 0 0 0 0 0 
0 0 0) (<>, 0, 0, 0.5, 0, 0 0 0 0 0 0 0 0, 0 0 0 0 0 0 0 0) (<>, 0, 0, 0.5, 0,
 0 0 0 0 0 0 0 0, 0 0 0 0 0 0 0 0) (<>, 0, 0, 0.5, 0, 0 0 0 0 0 0 0 0, 0 0 0 
0 0 0 0 0) (<>, 0, 0, 0.5, 0, 0 0 0 0 0 0 0 0, 0 0 0 0 0 0 0 0) (<>, 1, 0, 
0.5, 0, 0 0 0 0 0 0 0 0, 0 0 0 0 0 0 0 0) (<>, 0, 0, 0.5, 0, 0 0 0 0 0 0 0 0, 
0 0 0 0 0 0 0 0) (<>, 0, 0, 0.5, 0, 0 0 0 0 0 0 0 0, 0 0 0 0 0 0 0 0) (<>, 0, 
0, 0.5, 0, 0 0 0 0 0 0 0 0, 0 0 0 0 0 0 0 0) (<>, 0, 0, 0.5, 0, 0 0 0 0 0 0 0 
0, 0 0 0 0 0 0 0 0) (<>, 0, 0, 0.5, 0, 0 0 0 0 0 0 0 0, 0 0 0 0 0 0 0 0) (<>, 
0, 0, 0.5, 0, 0 0 0 0 0 0 0 0, 0 0 0 0 0 0 0 0) (<>, 0, 0, 0.5, 0, 0 0 0 0 0 
0 0 0, 0 0 0 0 0 0 0 0) (<>, 0, 0, 0.5, 0, 0 0 0 0 0 0 0 0, 0 0 0 0 0 0 0 0) 
(<>, 0, 0, 0.5, 0, 0 0 0 0 0 0 0 0, 0 0 0 0 0 0 0 0) (<>, 0, 0, 0.5, 0, 0 0 0 
0 0 0 0 0, 0 0 0 0 0 0 0 0) (<>, 0, 0, 0.5, 0, 0 0 0 0 0 0 0 0, 0 0 0 0 0 0 0 
0) (<>, 0, 0, 0.5, 0, 0 0 0 0 0 0 0 0, 0 0 0 0 0 0 0 0) (<>, 0, 0, 0.5, 0, 0 
0 0 0 0 0 0 0, 0 0 0 0 0 0 0 0) (<>, 0, 0, 0.5, 0, 0 0 0 0 0 0 0 0, 0 0 0 0 0 
0 0 0) (<>, 0, 0, 0.5, 0, 0 0 0 0 0 0 0 0, 0 0 0 0 0 0 0 0) (<bp32.exc>, 
0.000998697808993008, 0, 0.5, 0, 100 100 100 100 100 100 100 100, 0 0 0 0 0 0 
0 0) (<>, 0, 0, 0.5, 0, 0 0 0 0 0 0 0 0, 0 0 0 0 0 0 0 0) (<>, 0, 0, 0.5, 0, 
0 0 0 0 0 0 0 0, 0 0 0 0 0 0 0 0) (<>, 0, 0, 0.5, 0, 0 0 0 0 0 0 0 0, 0 0 0 0 
0 0 0 0) (<>, 0, 0, 0.5, 0, 0 0 0 0 0 0 0 0, 0 0 0 0 0 0 0 0) (<>, 0, 0, 0.5, 
0, 0 0 0 0 0 0 0 0, 0 0 0 0 0 0 0 0) (<>, 0, 0, 0.5, 0, 0 0 0 0 0 0 0 0, 0 0 
0 0 0 0 0 0) (<>, 0, 0, 0.5, 0, 0 0 0 0 0 0 0 0, 0 0 0 0 0 0 0 0) (<>, 0, 0, 
0.5, 0, 0 0 0 0 0 0 0 0, 0 0 0 0 0 0 0 0) (<>, 0, 0, 0.5, 0, 0 0 0 0 0 0 0 0, 
0 0 0 0 0 0 0 0) (<>, 0, 0, 0.5, 0, 0 0 0 0 0 0 0 0, 0 0 0 0 0 0 0 0) (<>, 0, 
0, 0.5, 0, 0 0 0 0 0 0 0 0, 0 0 0 0 0 0 0 0) (<>, 0, 0, 0.5, 0, 0 0 0 0 0 0 0 
0, 0 0 0 0 0 0 0 0) (<>, 0, 0, 0.5, 0, 0 0 0 0 0 0 0 0, 0 0 0 0 0 0 0 0) (<>, 
0, 0, 0.5, 0, 0 0 0 0 0 0 0 0, 0 0 0 0 0 0 0 0) (<>, 0, 0, 0.5, 0, 0 0 0 0 0 
0 0 0, 0 0 0 0 0 0 0 0) (<>, 0, 0, 0.5, 0, 0 0 0 0 0 0 0 0, 0 0 0 0 0 0 0 0) 
(<>, 0, 0, 0.5, 0, 0 0 0 0 0 0 0 0, 0 0 0 0 0 0 0 0) (<>, 0, 0, 0.5, 0, 0 0 0 
0 0 0 0 0, 0 0 0 0 0 0 0 0) (<>, 0, 0, 0.5, 0, 0 0 0 0 0 0 0 0, 0 0 0 0 0 0 0 
0) (<>, 0, 0, 0.5, 0, 0 0 0 0 0 0 0 0, 0 0 0 0 0 0 0 0)
##$SW_h=100000
##$SW=332.978156632925
##$FW=0
##$RG=64
##$AQ_mod=qdig
##$DR=20
##$PAPS=QP
##$PH_ref=0
$$ @vis= NI NA NAE NR DS D P PLW DPQQ ACQ_RfShapes SW_h SW RG AQ_mod DR PAPS
##$BF1=300.32
##$SFO1=300.32
##$O1=0
##$ACQ_O1_list_size=1
##$ACQ_O1_list=( 1 )
0
##$ACQ_O1B_list_size=1
##$ACQ_O1B_list=( 1 )
0
$$ @vis= PH_ref BF1 SFO1 O1 ACQ_O1_list_size ACQ_O1_list ACQ_O1B_list_size
##$BF2=300.32
##$SFO2=300.32
##$O2=0
##$ACQ_O2_list_size=1
##$ACQ_O2_list=( 1 )
934.579439252336
##$BF3=300.32
##$SFO3=300.32
##$O3=0
##$ACQ_O3_list_size=1
$$ @vis= ACQ_O1B_list BF2 SFO2 O2 ACQ_O2_list_size ACQ_O2_list BF3 SFO3 O3
##$ACQ_O3_list=( 1 )
769.230769230769
##$BF4=300.32
##$SFO4=300.32
##$O4=0
##$BF5=300.32
##$SFO5=300.32
##$O5=0
##$BF6=300.32
##$SFO6=300.32
##$O6=0
##$BF7=300.32
##$SFO7=300.32
$$ @vis= ACQ_O3_list_size ACQ_O3_list BF4 SFO4 O4 BF5 SFO5 O5 BF6 SFO6 O6 BF7
##$O7=0
##$BF8=300.32
##$SFO8=300.32
##$O8=0
##$NUC1=( 8 )
<1H>
##$NUC2=( 8 )
<off>
##$NUC3=( 8 )
<off>
##$NUC4=( 8 )
<off>
##$NUC5=( 8 )
<off>
##$NUC6=( 8 )
<off>
##$NUC7=( 8 )
<off>
##$NUC8=( 8 )
<off>
##$NUCLEUS=( 8 )
<1H>
##$ACQ_Routing=RouteDefinedByCoil
##$L=( 32 )
0 0 1 1 64 0 0 16 0 0 0 0 0 0 0 0 0 0 0 0 0 0 0 0 0 0 0 0 0 0 0 0
$$ @vis= SFO7 O7 BF8 SFO8 O8 NUC1 NUC2 NUC3 NUC4 NUC5 NUC6 NUC7 NUC8 NUCLEUS
##$ACQ_vd_list_size=1
##$ACQ_vd_list=( 1 )
1e-06
##$ACQ_vp_list_size=1
##$ACQ_vp_list=( 1 )
1e-06
##$ACQ_protocol_name=( 64 )
<cestFISP_MP_0p5>
$$ @vis= L ACQ_vd_list_size ACQ_vd_list ACQ_vp_list_size ACQ_vp_list
##$ACQ_scan_name=( 64 )
<cestFISP_MP_0p5>
##$ACQ_method=( 40 )
<User:cestFISP_Pagel5>
##$ACQ_pipe_status=NoPipe
##$ACQ_word_size=_32_BIT
$$ @vis= ACQ_protocol_name ACQ_scan_name ACQ_method ACQ_pipe_status
##$NECHOES=1
##$ACQ_n_echo_images=1
##$ACQ_n_movie_frames=1
##$ACQ_echo_descr=( 1, 20 )
<>
$$ @vis= ACQ_word_size NECHOES ACQ_n_echo_images ACQ_n_movie_frames
##$ACQ_movie_descr=( 1, 20 )
<>
##$ACQ_fov=( 2 )
3.84 3.84
##$ACQ_read_ext=1
##$ACQ_slice_angle=( 1 )
0
##$ACQ_slice_orient=Arbitrary_Oblique
$$ @vis= ACQ_echo_descr ACQ_movie_descr ACQ_fov ACQ_read_ext ACQ_slice_angle
##$ACQ_patient_pos=Head_Prone
##$ACQ_read_offset=( 1 )
0
##$ACQ_phase1_offset=( 1 )
0
##$ACQ_slice_sepn=( 1 )
1
##$ACQ_slice_sepn_mode=Contiguous
##$ACQ_slice_thick=1
$$ @vis= ACQ_slice_orient ACQ_patient_pos ACQ_slice_sepn ACQ_slice_sepn_mode
##$ACQ_slice_offset=( 1 )
0
##$ACQ_obj_order=( 1 )
0
##$ACQ_flip_angle=15
##$ACQ_flipback=No
##$ACQ_echo_time=( 1 )
1.655
$$ @vis= ACQ_slice_thick ACQ_obj_order ACQ_flip_angle ACQ_flipback
##$ACQ_inter_echo_time=( 1 )
1.655
##$ACQ_recov_time=( 1 )
2.26
##$ACQ_repetition_time=( 1 )
3.31
##$ACQ_scan_time=0
$$ @vis= ACQ_echo_time ACQ_inter_echo_time ACQ_recov_time ACQ_repetition_time
##$ACQ_temporal_delay=( 1 )
0
##$ACQ_time_points=( 36 )
0 1.269165 2.53833 3.807495 5.07666 6.345825 7.61499 8.884155 10.15332 
11.422485 12.69165 13.960815 15.22998 16.499145 17.76831 19.037475 20.30664 
21.575805 22.84497 24.114135 25.3833 26.652465 27.92163 29.190795 30.45996 
31.729125 32.99829 34.267455 35.53662 36.805785 38.07495 39.344115 40.61328 
41.882445 43.15161 44.420775
##$ACQ_operator=( 16 )
<PagelLab>
##$ACQ_RF_power=0
$$ @vis= ACQ_scan_time ACQ_temporal_delay ACQ_time_points ACQ_operator
##$ACQ_transmitter_coil=( 16 )
<>
##$ACQ_contrast_agent=( 20 )
<>
##$ACQ_trigger_enable=No
$$ @vis= ACQ_RF_power ACQ_transmitter_coil ACQ_contrast_agent
##$ACQ_institution=( 48 )
<MD Anderson>
##$ACQ_station=( 64 )
<spect>
##$ACQ_system_order_number=( 24 )
<10102460>
$$ @vis= ACQ_trigger_enable ACQ_institution ACQ_station
##$ACQ_grad_str_X=0
##$ACQ_grad_str_Y=0
##$ACQ_grad_str_Z=0
##$ACQ_position_X=0
$$ @vis= ACQ_system_order_number ACQ_grad_str_X ACQ_grad_str_Y ACQ_grad_str_Z
##$ACQ_position_Y=0
##$ACQ_position_Z=0
##$BYTORDA=little
##$INSTRUM=( 64 )
<>
##$ACQ_fit_function_name=( 32 )
<cestISA_Pagel5>
$$ @vis= ACQ_position_X ACQ_position_Y ACQ_position_Z BYTORDA INSTRUM
##$ACQ_adc_overflow=( 8 )
No No No No No No No No
##$GRPDLY=-1
##$FRQLO3=0
##$FQ1LIST=( 16 )
<ACQ_O1_list>
$$ @vis= ACQ_fit_function_name ACQ_adc_overflow GRPDLY FRQLO3 ACQ_INFO
##$FQ2LIST=( 16 )
<ACQ_O2_list>
##$FQ3LIST=( 16 )
<ACQ_O3_list>
##$FQ8LIST=( 16 )
<ACQ_O1B_list>
##$SPW=( 64 )
0.0290665440928535 0.0290665440928535 0 0.00726663602321337 23.7226329757195 
0 0 0 0 0 0 0 0 0 0 0 0 0 0 0 0 0 0 0 0 0 0 1 0 0 0 0 0 0 0 0 0 0 0 0 0 0 0 
0.000998697808993008 0 0 0 0 0 0 0 0 0 0 0 0 0 0 0 0 0 0 0 0
##$SPOAL=( 64 )
0.5 0.5 0.5 0.5 0 0.5 0.5 0.5 0.5 0.5 0.5 0.5 0.5 0.5 0.5 0.5 0.5 0.5 0.5 0.5 
0.5 0.5 0.5 0.5 0.5 0.5 0.5 0.5 0.5 0.5 0.5 0.5 0.5 0.5 0.5 0.5 0.5 0.5 0.5 
0.5 0.5 0.5 0.5 0.5 0.5 0.5 0.5 0.5 0.5 0.5 0.5 0.5 0.5 0.5 0.5 0.5 0.5 0.5 
0.5 0.5 0.5 0.5 0.5 0.5
##$SPOFFS=( 64 )
0 0 0 0 0 0 0 0 0 0 0 0 0 0 0 0 0 0 0 0 0 0 0 0 0 0 0 0 0 0 0 0 0 0 0 0 0 0 0 
0 0 0 0 0 0 0 0 0 0 0 0 0 0 0 0 0 0 0 0 0 0 0 0 0
##$SPNAM0=( 64 )
<$ExcPulse1Shape>
##$SPNAM1=( 64 )
<$ExcPulse1Shape>
##$SPNAM2=( 64 )
<>
$$ @vis= FQ1LIST FQ2LIST FQ3LIST FQ8LIST SPW SPOAL SPOFFS SPNAM0 SPNAM1
##$SPNAM3=( 64 )
<$ExcPulse1Shape>
##$SPNAM4=( 64 )
<$InvPulse1Shape>
##$SPNAM5=( 64 )
<$ExcPulse1Shape>
##$SPNAM6=( 64 )
<$ExcPulse1Shape>
##$SPNAM7=( 64 )
<>
##$SPNAM8=( 64 )
<>
##$SPNAM9=( 64 )
<>
##$SPNAM10=( 64 )
<>
##$SPNAM11=( 64 )
<>
$$ @vis= SPNAM2 SPNAM3 SPNAM4 SPNAM5 SPNAM6 SPNAM7 SPNAM8 SPNAM9 SPNAM10
##$SPNAM12=( 64 )
<>
##$SPNAM13=( 64 )
<>
##$SPNAM14=( 64 )
<>
##$SPNAM15=( 64 )
<>
##$SPNAM16=( 64 )
<>
##$SPNAM17=( 64 )
<>
##$SPNAM18=( 64 )
<>
##$SPNAM19=( 64 )
<>
$$ @vis= SPNAM11 SPNAM12 SPNAM13 SPNAM14 SPNAM15 SPNAM16 SPNAM17 SPNAM18
##$SPNAM20=( 64 )
<>
##$SPNAM21=( 64 )
<>
##$SPNAM22=( 64 )
<>
##$SPNAM23=( 64 )
<>
##$SPNAM24=( 64 )
<>
##$SPNAM25=( 64 )
<>
##$SPNAM26=( 64 )
<>
##$SPNAM27=( 64 )
<>
$$ @vis= SPNAM19 SPNAM20 SPNAM21 SPNAM22 SPNAM23 SPNAM24 SPNAM25 SPNAM26
##$SPNAM28=( 64 )
<>
##$SPNAM29=( 64 )
<>
##$SPNAM30=( 64 )
<>
##$SPNAM31=( 64 )
<>
##$SPNAM32=( 64 )
<>
##$SPNAM33=( 64 )
<>
##$SPNAM34=( 64 )
<>
##$SPNAM35=( 64 )
<>
$$ @vis= SPNAM27 SPNAM28 SPNAM29 SPNAM30 SPNAM31 SPNAM32 SPNAM33 SPNAM34
##$SPNAM36=( 64 )
<>
##$SPNAM37=( 64 )
<>
##$SPNAM38=( 64 )
<>
##$SPNAM39=( 64 )
<>
##$SPNAM40=( 64 )
<>
##$SPNAM41=( 64 )
<>
##$SPNAM42=( 64 )
<>
##$SPNAM43=( 64 )
<bp32.exc>
$$ @vis= SPNAM35 SPNAM36 SPNAM37 SPNAM38 SPNAM39 SPNAM40 SPNAM41 SPNAM42
##$SPNAM44=( 64 )
<>
##$SPNAM45=( 64 )
<>
##$SPNAM46=( 64 )
<>
##$SPNAM47=( 64 )
<>
##$SPNAM48=( 64 )
<>
##$SPNAM49=( 64 )
<>
##$SPNAM50=( 64 )
<>
##$SPNAM51=( 64 )
<>
$$ @vis= SPNAM43 SPNAM44 SPNAM45 SPNAM46 SPNAM47 SPNAM48 SPNAM49 SPNAM50
##$SPNAM52=( 64 )
<>
##$SPNAM53=( 64 )
<>
##$SPNAM54=( 64 )
<>
##$SPNAM55=( 64 )
<>
##$SPNAM56=( 64 )
<>
##$SPNAM57=( 64 )
<>
##$SPNAM58=( 64 )
<>
##$SPNAM59=( 64 )
<>
$$ @vis= SPNAM51 SPNAM52 SPNAM53 SPNAM54 SPNAM55 SPNAM56 SPNAM57 SPNAM58
##$SPNAM60=( 64 )
<>
##$SPNAM61=( 64 )
<>
##$SPNAM62=( 64 )
<>
##$SPNAM63=( 64 )
<>
##$HPPRGN=normal
##$LOCNUC=( 8 )
<off>
##$QNP=1
##$SOLVENT=( 16 )
<>
$$ @vis= SPNAM59 SPNAM60 SPNAM61 SPNAM62 SPNAM63 SPNAMES HPPRGN LOCNUC QNP
##$DIGMOD=digital_mode
##$DIGTYP=DRU
##$DQDMODE=DQDMODE_add
##$DSPFIRM=DSP_imaging_solids
##$DECIM=200
##$DSPFVS=22
##$ACQ_scan_shift=-40
$$ @vis= SOLVENT HIRES DIGMOD DIGTYP DQDMODE DSPFIRM DECIM DSPFVS
##$DEOSC=1200
##$DE=6
##$HDDUTY=20
##$HDRATE=1
##$ACQ_n_trim=1
$$ @vis= ACQ_scan_shift DEOSC DE HDDUTY HDRATE AVANCE_PARS ACQ_n_trim
##$ACQ_scaling_read=1
##$ACQ_scaling_phase=1
##$ACQ_scaling_slice=1
##$ACQ_grad_matrix_size=1
$$ @vis= ACQ_trim_values ACQ_scaling_read ACQ_scaling_phase ACQ_scaling_slice
##$ACQ_grad_matrix=( 1, 3, 3 )
1 0 0 0 1 0 0 0 1
##$NSLICES=1
##$ACQ_rare_factor=64
##$ACQ_phase_encoding_mode=( 2 )
Read User_Defined_Encoding
$$ @vis= ACQ_grad_matrix_size ACQ_grad_matrix NSLICES ACQ_rare_factor
##$ACQ_phase_enc_start=( 2 )
-1 -1
##$ACQ_spatial_size_1=64
##$ACQ_spatial_phase_1=( 64 )
0 -0.03125 0.03125 -0.0625 0.0625 -0.09375 0.09375 -0.125 0.125 -0.15625 
0.15625 -0.1875 0.1875 -0.21875 0.21875 -0.25 0.25 -0.28125 0.28125 -0.3125 
0.3125 -0.34375 0.34375 -0.375 0.375 -0.40625 0.40625 -0.4375 0.4375 -0.46875 
0.46875 -0.5 0.5 -0.53125 0.53125 -0.5625 0.5625 -0.59375 0.59375 -0.625 
0.625 -0.65625 0.65625 -0.6875 0.6875 -0.71875 0.71875 -0.75 0.75 -0.78125 
0.78125 -0.8125 0.8125 -0.84375 0.84375 -0.875 0.875 -0.90625 0.90625 -0.9375 
0.9375 -0.96875 0.96875 -1
$$ @vis= ACQ_phase_encoding_mode ACQ_phase_enc_start ACQ_spatial_size_1
##$ACQ_gradient_amplitude=( 100 )
10.4939135301525 -12.4018978083621 -7.53587540438667 5.29995632835985 -0 
9.1092999393685 25.3476172225906 -5.29995632835985 0 7.53587540438667 
12.4018978083621 -20.6698296806034 20.2780937780725 0 0 0 0 0 0 0 0 0 0 0 0 0 
0 0 0 0 0 0 0 0 0 0 0 0 0 0 0 0 0 0 0 0 0 0 0 0 0 0 0 0 0 0 0 0 0 0 0 0 0 0 0 
0 0 0 0 0 0 0 0 0 0 0 0 0 0 0 0 0 0 0 0 0 0 0 0 0 0 0 0 0 0 0 0 0 0 0
##$GS_dim=1
##$GS_disp_update=Each_Accum
$$ @vis= ACQ_spatial_phase_1 ACQ_gradient_amplitude GRAD_PARS GS_dim
##$GS_online_reco=Yes
##$GS_reco_display=Yes
##$GS_shuffle_profiles=Yes
##$GS_typ=Spectrometer_Parameters
$$ @vis= GS_disp_update GS_online_reco GS_reco_display GS_shuffle_profiles
##$GS_info_dig_filling=Yes
##$GS_info_normalized_area=No_info
##$GS_info_max_point=No_info
##$GS_get_info_points=No_info
$$ @vis= GS_typ GS_info_dig_filling GS_info_normalized_area GS_info_max_point
##$GO_init_files=No
##$GO_data_save=Yes
##$GO_block_size=Standard_KBlock_Format
##$GO_raw_data_format=GO_32BIT_SGN_INT
$$ @vis= GS_get_info_points GS GO_init_files GO_data_save GO_block_size
##$GO_disp_update=Each_Accum
##$GO_online_reco=Yes
##$GO_reco_display=Yes
##$GO_reco_each_nr=No
$$ @vis= GO_raw_data_format GO_disp_update GO_online_reco GO_reco_display
##$GO_max_reco_mem=0
##$GO_time_est=Yes
##$GO_use_macro=No
##$GO_macro=( 4096 )
<>
##$GO_LogTimestamp=No
$$ @vis= GO_reco_each_nr GO_max_reco_mem GO_time_est GO_use_macro
##$ACQ_DriftCompActive=No
##$ACQ_DriftCompJob=1
##$ACQ_DriftCompFilterWidth=1
$$ @vis= GO_LogTimestamp GO ACQ_DriftCompActive ACQ_DriftCompJob
##$ACQ_DriftCompStep=1
##$ACQ_DriftCompOffset=0
##$ACQ_DriftCompDebug=No
$$ @vis= ACQ_DriftCompFilterWidth ACQ_DriftCompStep ACQ_DriftCompOffset
##$ACQ_MPI_field_steps=1
##$ACQ_MPI_drive_field_cycle=0
$$ @vis= ACQ_DriftCompDebug Drift ACQ_MPI_field_steps
##$ACQ_MPI_selection_field_gradient=0
##$ACQ_MPI_base_frequency=0
$$ @vis= ACQ_MPI_drive_field_cycle ACQ_MPI_selection_field_gradient
##$ACQ_MPI_drive_field_strength=( 3 )
0 0 0
##$ACQ_MPI_div=( 3 )
0 0 0
##$ACQ_MPI_frequency_select=( 3 )
Yes Yes Yes
$$ @vis= ACQ_MPI_base_frequency ACQ_MPI_drive_field_strength ACQ_MPI_div
$$ @vis= ACQ_MPI_frequency_select MPI ACQP
##END=
$$ File finished by PARX at 2023-07-14 08:47:51.219 -0500
